PATH
  remote: .
  specs:
    dragonfly-mongo_data_store (1.0.0)
      dragonfly (~> 1.0)
      mongo (~> 2.0.6)

GEM
  remote: https://rubygems.org/
  specs:
    addressable (2.3.8)
    bson (3.2.6)
    diff-lcs (1.2.5)
    dragonfly (1.0.12)
      addressable (~> 2.3)
      multi_json (~> 1.0)
      rack (>= 1.3.0)
    mongo (2.0.6)
      bson (~> 3.0)
    multi_json (1.11.2)
    rack (1.6.4)
    rspec (2.99.0)
      rspec-core (~> 2.99.0)
      rspec-expectations (~> 2.99.0)
      rspec-mocks (~> 2.99.0)
    rspec-core (2.99.2)
    rspec-expectations (2.99.2)
      diff-lcs (>= 1.1.3, < 2.0)
    rspec-mocks (2.99.4)

PLATFORMS
  ruby

DEPENDENCIES
  dragonfly-mongo_data_store!
  rspec (~> 2.0)
